GEM
  remote: http://rubygems.org/
  specs:
    accept_values_for (0.4.3)
      activemodel (>= 3.0.0)
      rspec
    actionmailer (3.2.2)
      actionpack (= 3.2.2)
      mail (~> 2.4.0)
    actionpack (3.2.2)
      activemodel (= 3.2.2)
      activesupport (= 3.2.2)
      builder (~> 3.0.0)
      erubis (~> 2.7.0)
      journey (~> 1.0.1)
      rack (~> 1.4.0)
      rack-cache (~> 1.1)
      rack-test (~> 0.6.1)
      sprockets (~> 2.1.2)
    activemodel (3.2.2)
      activesupport (= 3.2.2)
      builder (~> 3.0.0)
    activerecord (3.2.2)
      activemodel (= 3.2.2)
      activesupport (= 3.2.2)
      arel (~> 3.0.2)
      tzinfo (~> 0.3.29)
    activeresource (3.2.2)
      activemodel (= 3.2.2)
      activesupport (= 3.2.2)
    activesupport (3.2.2)
      i18n (~> 0.6)
      multi_json (~> 1.0)
    addressable (2.2.8)
    arel (3.0.2)
    bcrypt-ruby (3.0.1)
    bson (1.6.2)
    bson_ext (1.6.2)
      bson (~> 1.6.2)
    builder (3.0.0)
    capybara (1.1.2)
      mime-types (>= 1.16)
      nokogiri (>= 1.3.3)
      rack (>= 1.0.0)
      rack-test (>= 0.5.4)
      selenium-webdriver (~> 2.0)
      xpath (~> 0.1.4)
    childprocess (0.3.2)
      ffi (~> 1.0.6)
    coffee-rails (3.2.2)
      coffee-script (>= 2.2.0)
      railties (~> 3.2.0)
    coffee-script (2.2.0)
      coffee-script-source
      execjs
    coffee-script-source (1.3.1)
    cucumber (1.2.0)
      builder (>= 2.1.2)
      diff-lcs (>= 1.1.3)
      gherkin (~> 2.10.0)
      json (>= 1.4.6)
    cucumber-rails (1.3.0)
      capybara (>= 1.1.2)
      cucumber (>= 1.1.8)
      nokogiri (>= 1.5.0)
    devise (2.0.4)
      bcrypt-ruby (~> 3.0)
      orm_adapter (~> 0.0.3)
      railties (~> 3.1)
      warden (~> 1.1.1)
    diff-lcs (1.1.3)
    em-websocket (0.3.6)
      addressable (>= 2.1.1)
      eventmachine (>= 0.12.9)
    erubis (2.7.0)
    eventmachine (0.12.10)
    execjs (1.3.2)
      multi_json (~> 1.0)
    factory_girl (3.2.0)
      activesupport (>= 3.0.0)
    factory_girl_rails (3.2.0)
      factory_girl (~> 3.2.0)
      railties (>= 3.0.0)
    ffi (1.0.11)
    gherkin (2.10.0)
      json (>= 1.4.6)
    guard (1.0.2)
      ffi (>= 0.5.0)
      thor (~> 0.14.6)
    guard-bundler (0.1.3)
      bundler (>= 1.0.0)
      guard (>= 0.2.2)
    guard-cucumber (0.8.0)
      cucumber (>= 1.2.0)
      guard (>= 0.8.3)
    guard-livereload (0.4.2)
      em-websocket (>= 0.2.0)
      guard (>= 0.10.0)
      multi_json (~> 1.0)
    guard-rails (0.1.0)
      guard (>= 0.2.2)
    guard-rspec (0.7.0)
      guard (>= 0.10.0)
    haml (3.1.5)
    haml-rails (0.3.4)
      actionpack (~> 3.0)
      activesupport (~> 3.0)
      haml (~> 3.0)
      railties (~> 3.0)
    hike (1.2.1)
    i18n (0.6.0)
    journey (1.0.3)
    jquery-rails (2.0.2)
      railties (>= 3.2.0, < 5.0)
      thor (~> 0.14)
    json (1.7.2)
    launchy (2.1.0)
      addressable (~> 2.2.6)
    libnotify (0.7.2)
    libv8 (3.3.10.4)
    libwebsocket (0.1.3)
      addressable
    mail (2.4.4)
      i18n (>= 0.4.0)
      mime-types (~> 1.16)
      treetop (~> 1.4.8)
    mime-types (1.18)
    mongo (1.6.2)
      bson (~> 1.6.2)
    mongoid (2.4.9)
      activemodel (~> 3.1)
      mongo (~> 1.3)
      tzinfo (~> 0.3.22)
    mongoid-rspec (1.4.4)
      mongoid (~> 2.0)
      rspec (~> 2)
    multi_json (1.3.4)
    nokogiri (1.5.2)
    orm_adapter (0.0.7)
    polyglot (0.3.3)
    rack (1.4.1)
    rack-cache (1.2)
      rack (>= 0.4)
    rack-ssl (1.3.2)
      rack
    rack-test (0.6.1)
      rack (>= 1.0)
    rails (3.2.2)
      actionmailer (= 3.2.2)
      actionpack (= 3.2.2)
      activerecord (= 3.2.2)
      activeresource (= 3.2.2)
      activesupport (= 3.2.2)
      bundler (~> 1.0)
      railties (= 3.2.2)
    rails-footnotes (3.7.8)
      rails (>= 3.0.0)
    railties (3.2.2)
      actionpack (= 3.2.2)
      activesupport (= 3.2.2)
      rack-ssl (~> 1.3.2)
      rake (>= 0.8.7)
      rdoc (~> 3.4)
      thor (~> 0.14.6)
    rake (0.9.2.2)
    rb-inotify (0.8.8)
      ffi (>= 0.5.0)
    rdoc (3.12)
      json (~> 1.4)
    rspec (2.10.0)
      rspec-core (~> 2.10.0)
      rspec-expectations (~> 2.10.0)
      rspec-mocks (~> 2.10.0)
    rspec-core (2.10.0)
    rspec-expectations (2.10.0)
      diff-lcs (~> 1.1.3)
    rspec-mocks (2.10.1)
    rspec-rails (2.10.1)
      actionpack (>= 3.0)
      activesupport (>= 3.0)
      railties (>= 3.0)
      rspec (~> 2.10.0)
    rubyzip (0.9.8)
    sass (3.1.17)
    sass-rails (3.2.5)
      railties (~> 3.2.0)
      sass (>= 3.1.10)
      tilt (~> 1.3)
    selenium-webdriver (2.21.2)
      childprocess (>= 0.2.5)
      ffi (~> 1.0)
      libwebsocket (~> 0.1.3)
      multi_json (~> 1.0)
      rubyzip
    simplecov (0.6.4)
      multi_json (~> 1.0)
      simplecov-html (~> 0.5.3)
    simplecov-html (0.5.3)
    sprockets (2.1.3)
      hike (~> 1.2)
      rack (~> 1.0)
      tilt (~> 1.1, != 1.3.0)
    therubyracer (0.10.1)
      libv8 (~> 3.3.10)
    thor (0.14.6)
    tilt (1.3.3)
    treetop (1.4.10)
      polyglot
      polyglot (>= 0.3.1)
    tzinfo (0.3.33)
    uglifier (1.2.4)
      execjs (>= 0.3.0)
      multi_json (>= 1.0.2)
    warden (1.1.1)
      rack (>= 1.0)
    xpath (0.1.4)
      nokogiri (~> 1.3)

PLATFORMS
  ruby

DEPENDENCIES
  accept_values_for (>= 0.4.3)
  bson_ext (>= 1.4.0)
  capybara (>= 1.1.1)
  coffee-rails (>= 3.1.1)
  cucumber-rails (>= 1.1.1)
  devise (~> 2.0.4)
  factory_girl_rails (>= 1.3.0)
  guard (>= 0.6.2)
  guard-bundler (>= 0.1.3)
  guard-cucumber (>= 0.6.1)
  guard-livereload (>= 0.3.0)
  guard-rails (>= 0.0.3)
  guard-rspec (>= 0.4.3)
  haml (>= 3.1.2)
  haml-rails (>= 0.3.4)
  jquery-rails
  launchy (>= 2.0.5)
  libnotify
  mongoid (>= 2.3.0)
  mongoid-rspec (>= 1.4.4)
  rails (= 3.2.2)
  rails-footnotes (>= 3.7)
  rb-inotify
  rspec-rails (>= 2.6.1)
  sass-rails (>= 3.1.4)
  simplecov (>= 0.5.4)
  therubyracer (>= 0.8.2)
  uglifier (>= 1.0.3)
